GIT
  remote: git://github.com/perfectcircledesign/refinerycms-portfolio.git
  revision: b0c7e417e1a81905cc98add9af593f43d02c1ee9
  branch: feature/aws
  specs:
    refinerycms-portfolio (2.0.0)
      awesome_nested_set (~> 2.1.0)
      aws-sdk (= 2.6.14)
      pusher (= 1.3.0)
      refinerycms-core (~> 2.0.0)

PATH
  remote: vendor/extensions
  specs:
    refinerycms-accommodations (1.0)
      refinerycms-core (~> 2.0.3)
    refinerycms-activities (1.0)
      refinerycms-core (~> 2.0.3)
    refinerycms-amenities (1.0)
      refinerycms-core (~> 2.0.3)
    refinerycms-back_links (1.0)
      refinerycms-core (~> 2.0.3)
    refinerycms-bookings (1.0)
      refinerycms-core (~> 2.0.3)
      refinerycms-settings (~> 2.0.0)
    refinerycms-locations (1.0)
      refinerycms-core (~> 2.0.3)
    refinerycms-safari_types (1.0)
      refinerycms-core (~> 2.0.3)
    refinerycms-teams (1.0)
      refinerycms-core (~> 2.0.3)

GEM
  remote: http://rubygems.org/
  specs:
    actionmailer (3.2.22.5)
      actionpack (= 3.2.22.5)
      mail (~> 2.5.4)
    actionpack (3.2.22.5)
      activemodel (= 3.2.22.5)
      activesupport (= 3.2.22.5)
      builder (~> 3.0.0)
      erubis (~> 2.7.0)
      journey (~> 1.0.4)
      rack (~> 1.4.5)
      rack-cache (~> 1.2)
      rack-test (~> 0.6.1)
      sprockets (~> 2.2.1)
    activemodel (3.2.22.5)
      activesupport (= 3.2.22.5)
      builder (~> 3.0.0)
    activerecord (3.2.22.5)
      activemodel (= 3.2.22.5)
      activesupport (= 3.2.22.5)
      arel (~> 3.0.2)
      tzinfo (~> 0.3.29)
    activeresource (3.2.22.5)
      activemodel (= 3.2.22.5)
      activesupport (= 3.2.22.5)
    activesupport (3.2.22.5)
      i18n (~> 0.6, >= 0.6.4)
      multi_json (~> 1.0)
    acts-as-taggable-on (3.0.1)
      rails (>= 3, < 5)
    acts_as_indexed (0.7.8)
    airbrake (3.1.17)
      builder
      multi_json
    arel (3.0.3)
    awesome_nested_set (2.1.6)
      activerecord (>= 3.0.0)
    aws-sdk (2.6.14)
      aws-sdk-resources (= 2.6.14)
    aws-sdk-core (2.6.14)
      jmespath (~> 1.0)
    aws-sdk-resources (2.6.14)
      aws-sdk-core (= 2.6.14)
    babosa (1.0.2)
    bcrypt-ruby (3.0.1)
    better_errors (1.1.0)
      coderay (>= 1.0.0)
      erubis (>= 2.6.6)
    binding_of_caller (0.8.0)
      debug_inspector (>= 0.0.1)
    bootstrap-datepicker-rails (1.8.0.1)
      railties (>= 3.0)
    builder (3.0.4)
    celluloid (0.17.3)
      celluloid-essentials
      celluloid-extras
      celluloid-fsm
      celluloid-pool
      celluloid-supervision
      timers (>= 4.1.1)
    celluloid-essentials (0.20.5)
      timers (>= 4.1.1)
    celluloid-extras (0.20.5)
      timers (>= 4.1.1)
    celluloid-fsm (0.20.5)
      timers (>= 4.1.1)
    celluloid-pool (0.20.5)
      timers (>= 4.1.1)
    celluloid-supervision (0.20.6)
      timers (>= 4.1.1)
    coderay (1.1.2)
    coffee-rails (3.2.2)
      coffee-script (>= 2.2.0)
      railties (~> 3.2.0)
    coffee-script (2.4.1)
      coffee-script-source
      execjs
    coffee-script-source (1.8.0)
    commands (0.2.1)
      rails (>= 3.2.0)
    concurrent-ruby (1.0.5)
    connection_pool (2.2.2)
    debug_inspector (0.0.3)
    devise (2.0.6)
      bcrypt-ruby (~> 3.0)
      orm_adapter (~> 0.0.3)
      railties (~> 3.1)
      warden (~> 1.1.1)
    dragonfly (0.9.12)
      rack
    erubis (2.7.0)
    excon (0.62.0)
    execjs (2.7.0)
    filters_spam (0.5)
    fog (1.22.1)
      fog-brightbox
      fog-core (~> 1.22)
      fog-json
      ipaddress (~> 0.5)
      nokogiri (~> 1.5, >= 1.5.11)
    fog-brightbox (0.15.0)
      fog-core (~> 1.22)
      fog-json
      inflecto (~> 0.0.2)
      mime-types
    fog-core (1.45.0)
      builder
      excon (~> 0.58)
      formatador (~> 0.2)
    fog-json (1.2.0)
      fog-core
      multi_json (~> 1.10)
    formatador (0.2.5)
    friendly_id (4.0.10.1)
      activerecord (>= 3.0, < 4.0)
    globalize3 (0.2.0)
      activemodel (>= 3.0.0)
      activerecord (>= 3.0.0)
      paper_trail (~> 2)
    heroku-deflater (0.6.3)
      rack (>= 1.4.5)
    hike (1.2.3)
    hitimes (1.3.0)
    httpclient (2.8.3)
    i18n (0.9.5)
      concurrent-ruby (~> 1.0)
    inflecto (0.0.2)
    ipaddress (0.8.3)
    jmespath (1.4.0)
    journey (1.0.4)
    jquery-colorbox-rails (0.1.4)
      railties (>= 3.1)
    jquery-rails (2.0.3)
      railties (>= 3.1.0, < 5.0)
      thor (~> 0.14)
    json (2.1.0)
    mail (2.5.5)
      mime-types (~> 1.16)
      treetop (~> 1.4.8)
    mime-types (1.25.1)
    mini_portile2 (2.3.0)
    multi_json (1.13.1)
    nested_form (0.3.2)
    net-ssh (5.0.2)
    newrelic_rpm (3.17.2.327)
    nokogiri (1.8.4)
      mini_portile2 (~> 2.3.0)
    orm_adapter (0.0.7)
    paper_trail (2.7.2)
      activerecord (~> 3.0)
      railties (~> 3.0)
    pg (0.17.1)
    polyglot (0.3.5)
    power_assert (1.1.3)
    puma (3.8.2)
    pusher (1.3.0)
      httpclient (~> 2.7)
      multi_json (~> 1.0)
      pusher-signature (~> 0.1.8)
    pusher-signature (0.1.8)
    rack (1.4.7)
    rack-cache (1.8.0)
      rack (>= 0.4)
    rack-protection (1.5.5)
      rack
    rack-ssl (1.3.4)
      rack
    rack-test (0.6.3)
      rack (>= 1.0)
    rails (3.2.22.5)
      actionmailer (= 3.2.22.5)
      actionpack (= 3.2.22.5)
      activerecord (= 3.2.22.5)
      activeresource (= 3.2.22.5)
      activesupport (= 3.2.22.5)
      bundler (~> 1.0)
      railties (= 3.2.22.5)
    rails_autolink (1.1.4)
      rails (> 3.1)
    railties (3.2.22.5)
      actionpack (= 3.2.22.5)
      activesupport (= 3.2.22.5)
      rack-ssl (~> 1.3.2)
      rake (>= 0.8.7)
      rdoc (~> 3.4)
      thor (>= 0.14.6, < 2.0)
    rake (12.3.1)
    rdoc (3.9.5)
    redis (3.3.5)
    redis-namespace (1.6.0)
      redis (>= 3.0.4)
    refinerycms (2.0.3)
      bundler (~> 1.0)
      refinerycms-authentication (= 2.0.3)
      refinerycms-core (= 2.0.3)
      refinerycms-dashboard (= 2.0.3)
      refinerycms-images (= 2.0.3)
      refinerycms-pages (= 2.0.3)
      refinerycms-resources (= 2.0.3)
    refinerycms-authentication (2.0.3)
      devise (~> 2.0.0)
      orm_adapter (~> 0.0.7)
      refinerycms-core (= 2.0.3)
    refinerycms-blog (2.0.5)
      acts-as-taggable-on
      filters_spam (~> 0.2)
      rails_autolink
      refinerycms-core (~> 2.0.3)
      refinerycms-settings (~> 2.0.1)
      seo_meta (~> 1.3.0)
    refinerycms-copywriting (2.0.2)
    refinerycms-core (2.0.3)
      acts_as_indexed (~> 0.7.7)
      awesome_nested_set (~> 2.1.0)
      coffee-rails (~> 3.2.1)
      friendly_id (~> 4.0.1)
      globalize3 (~> 0.2.0)
      jquery-rails (~> 2.0.0)
      rails (>= 3.1.3, < 3.3)
      sass-rails (~> 3.2.3)
      truncate_html (~> 0.5)
      uglifier (>= 1.0.3)
      will_paginate (~> 3.0.2)
    refinerycms-dashboard (2.0.3)
      refinerycms-core (= 2.0.3)
    refinerycms-i18n (2.0.2)
      refinerycms-core (~> 2.0.0)
      routing-filter (>= 0.2.3)
    refinerycms-images (2.0.3)
      dragonfly (~> 0.9.8)
      rack-cache (>= 0.5.3)
      refinerycms-core (= 2.0.3)
    refinerycms-inquiries (2.0.3)
      filters_spam (~> 0.2)
      refinerycms-core (~> 2.0.1)
      refinerycms-settings (~> 2.0.1)
    refinerycms-page_seeder (0.0.1)
      refinerycms-pages (~> 2.0.0)
    refinerycms-pages (2.0.3)
      awesome_nested_set (~> 2.1.0)
      babosa (!= 0.3.6)
      refinerycms-core (= 2.0.3)
      seo_meta (~> 1.3.0)
    refinerycms-pc_banners (2.0.2)
      refinerycms-pages (~> 2.0.1)
    refinerycms-pods (2.1.1)
      refinerycms-core (~> 2.0.1)
      simple_form (~> 2.0.2)
    refinerycms-resources (2.0.3)
      dragonfly (~> 0.9.8)
      rack-cache (>= 0.5.3)
      refinerycms-core (= 2.0.3)
    refinerycms-settings (2.0.1)
      refinerycms-core (~> 2.0.1)
    refinerycms-videos (2.0.1)
      refinerycms-core (~> 2.0.1)
    routing-filter (0.4.0.1)
      actionpack (< 4.2)
    sass (3.4.23)
    sass-rails (3.2.6)
      railties (~> 3.2.0)
      sass (>= 3.1.10)
      tilt (~> 1.3)
    seed-fu (2.2.0)
      activerecord (~> 3.1)
      activesupport (~> 3.1)
    seo_meta (1.3.0)
      railties (>= 3.0.0)
    sidekiq (3.0.0)
      celluloid (>= 0.15.2)
      connection_pool (>= 2.0.0)
      json
      redis (>= 3.0.6)
      redis-namespace (>= 1.3.1)
    simple_form (2.0.4)
      actionpack (~> 3.0)
      activemodel (~> 3.0)
    sinatra (1.4.6)
      rack (~> 1.4)
      rack-protection (~> 1.4)
      tilt (>= 1.3, < 3)
    sprockets (2.2.3)
      hike (~> 1.2)
      multi_json (~> 1.0)
      rack (~> 1.0)
      tilt (~> 1.1, != 1.3.0)
    test-unit (3.2.8)
      power_assert
    thor (0.20.0)
    tilt (1.4.1)
    timers (4.1.2)
      hitimes
    treetop (1.4.15)
      polyglot
      polyglot (>= 0.3.1)
    truncate_html (0.9.3)
    tzinfo (0.3.54)
    uglifier (4.1.18)
      execjs (>= 0.3.0, < 3)
    warden (1.1.1)
      rack (>= 1.0)
    wicked_pdf (1.1.0)
    will_paginate (3.0.12)
    wkhtmltopdf-binary (0.12.4)

PLATFORMS
  ruby

DEPENDENCIES
  acts-as-taggable-on (= 3.0.1)
  airbrake (~> 3.1.6)
  babosa (!= 0.3.6)
  bcrypt-ruby (= 3.0.1)
  better_errors (= 1.1.0)
  binding_of_caller
  bootstrap-datepicker-rails
  coffee-rails (~> 3.2.1)
  coffee-script-source (= 1.8.0)
  commands
  dragonfly (= 0.9.12)
  fog (= 1.22.1)
  heroku-deflater
  hitimes
  i18n
  jquery-colorbox-rails (= 0.1.4)
  jquery-rails (~> 2.0.0)
  json
  mime-types
  nested_form
  net-ssh
  newrelic_rpm (= 3.17.2.327)
  nokogiri
  pg (= 0.17.1)
  puma (= 3.8.2)
  rack-cache
  rails (= 3.2.22.5)
  rails_autolink (= 1.1.4)
  rake
  redis (= 3.3.5)
  refinerycms (= 2.0.3)
  refinerycms-accommodations!
  refinerycms-activities!
  refinerycms-amenities!
  refinerycms-back_links!
  refinerycms-blog (~> 2.0.0)
  refinerycms-bookings!
  refinerycms-copywriting (= 2.0.2)
  refinerycms-core (= 2.0.3)
  refinerycms-i18n (~> 2.0.0)
  refinerycms-inquiries (~> 2.0.0)
  refinerycms-locations!
  refinerycms-page_seeder (~> 0.0.1)
  refinerycms-pc_banners (~> 2.0.2)
  refinerycms-pods (~> 2.1.0)
  refinerycms-portfolio!
  refinerycms-safari_types!
  refinerycms-settings (= 2.0.1)
  refinerycms-teams!
  refinerycms-videos (~> 2.0.1)
  sass (= 3.4.23)
  sass-rails (~> 3.2.3)
  seed-fu (~> 2.2.0)
  sidekiq (= 3.0.0)
  simple_form (~> 2.0.2)
  sinatra
  test-unit (~> 3.0)
  uglifier (>= 1.0.3)
  wicked_pdf
  wkhtmltopdf-binary

RUBY VERSION
   ruby 2.3.7p456

BUNDLED WITH
   1.16.2
